PATH
  remote: .
  specs:
    esse (0.0.1)
      elasticsearch-transport (>= 1.0)
      thor (>= 0.19)

GEM
  remote: https://rubygems.org/
  specs:
    coderay (1.1.2)
    diff-lcs (1.3)
    elasticsearch-transport (7.6.0)
      faraday (~> 1)
      multi_json
    faraday (1.0.1)
      multipart-post (>= 1.2, < 3)
    method_source (0.9.1)
    multi_json (1.14.1)
    multipart-post (2.1.1)
    pry (0.12.0)
      coderay (~> 1.1.0)
      method_source (~> 0.9.0)
    rake (10.5.0)
    rspec (3.9.0)
      rspec-core (~> 3.9.0)
      rspec-expectations (~> 3.9.0)
      rspec-mocks (~> 3.9.0)
    rspec-core (3.9.1)
      rspec-support (~> 3.9.1)
    rspec-expectations (3.9.1)
      diff-lcs (>= 1.2.0, < 2.0)
      rspec-support (~> 3.9.0)
    rspec-mocks (3.9.1)
      diff-lcs (>= 1.2.0, < 2.0)
      rspec-support (~> 3.9.0)
    rspec-support (3.9.2)
    thor (1.0.1)

PLATFORMS
  ruby

DEPENDENCIES
  esse!
  pry
  rake (~> 10.0)
  rspec (~> 3.0)

BUNDLED WITH
   2.1.4
